GEM
  remote: https://rubygems.org/
  specs:
    addressable (2.3.5)
    launchy (2.3.0)
      addressable (~> 2.3)

PLATFORMS
  ruby

DEPENDENCIES
  launchy
