GEM
  remote: https://rubygems.org/
  specs:
    addressable (2.3.5)
    json (1.8.0)
    launchy (2.3.0)
      addressable (~> 2.3)
    rainbow (1.1.4)

PLATFORMS
  ruby

DEPENDENCIES
  json
  launchy
  rainbow
